GEM
  remote: http://rubygems.org/
  specs:
    bb-ruby (0.9.5)
    columnize (0.3.6)
    debugger (1.2.0)
      columnize (>= 0.3.1)
      debugger-linecache (~> 1.1.1)
      debugger-ruby_core_source (~> 1.1.3)
    debugger-linecache (1.1.2)
      debugger-ruby_core_source (>= 1.1.1)
    debugger-ruby_core_source (1.1.3)
    diff-lcs (1.1.3)
    innate (2015.10.28)
      rack (~> 1.6.4)
    json (1.7.4)
    log4r (1.1.10)
    mysql (2.8.1)
    rack (1.6.13)
    rake (13.0.6)
    ramaze (2012.12.08)
      innate (>= 2012.12)
      rake
    rspec (2.11.0)
      rspec-core (~> 2.11.0)
      rspec-expectations (~> 2.11.0)
      rspec-mocks (~> 2.11.0)
    rspec-core (2.11.1)
    rspec-expectations (2.11.2)
      diff-lcs (~> 1.1.3)
    rspec-mocks (2.11.2)
    sequel (3.38.0)

PLATFORMS
  ruby

DEPENDENCIES
  bb-ruby
  debugger
  json
  log4r
  mysql
  ramaze
  rspec
  sequel
